GEM
  remote: http://rubygems.org/
  specs:
    activemodel (3.0.3)
      activesupport (= 3.0.3)
      builder (~> 2.1.2)
      i18n (~> 0.4)
    activesupport (3.0.3)
    bson (1.0.4)
    bson_ext (1.0.4)
    builder (2.1.2)
    database_cleaner (0.6.0)
    diff-lcs (1.1.2)
    i18n (0.5.0)
    mongo (1.0.7)
      bson (>= 1.0.4)
    mongoid (2.0.0.beta.18)
      activemodel (~> 3.0.0)
      bson (= 1.0.4)
      mongo (= 1.0.7)
      tzinfo (~> 0.3.22)
      will_paginate (~> 3.0.pre)
    rspec (2.0.1)
      rspec-core (~> 2.0.1)
      rspec-expectations (~> 2.0.1)
      rspec-mocks (~> 2.0.1)
    rspec-core (2.0.1)
    rspec-expectations (2.0.1)
      diff-lcs (>= 1.1.2)
    rspec-mocks (2.0.1)
      rspec-core (~> 2.0.1)
      rspec-expectations (~> 2.0.1)
    tzinfo (0.3.23)
    will_paginate (3.0.pre2)

PLATFORMS
  ruby

DEPENDENCIES
  bson (= 1.0.4)
  bson_ext (= 1.0.4)
  database_cleaner
  mongoid (= 2.0.0.beta.18)
  rspec (= 2.0.1)
  rspec-core (= 2.0.1)
  rspec-expectations (= 2.0.1)
  rspec-mocks (= 2.0.1)
