PATH
  remote: .
  specs:
    mongoid_query_string_interface (0.2.5)
      json (>= 1.4.6)
      mongoid (~> 2.0.0.rc)

GEM
  remote: http://rubygems.org/
  specs:
    activemodel (3.0.5)
      activesupport (= 3.0.5)
      builder (~> 2.1.2)
      i18n (~> 0.4)
    activesupport (3.0.5)
    archive-tar-minitar (0.5.2)
    bson (1.2.4)
    bson_ext (1.2.4)
    builder (2.1.2)
    columnize (0.3.2)
    database_cleaner (0.6.6)
    diff-lcs (1.1.2)
    i18n (0.5.0)
    json (1.5.1)
    linecache (0.43)
    linecache19 (0.5.11)
      ruby_core_source (>= 0.1.4)
    mongo (1.2.4)
      bson (>= 1.2.4)
    mongoid (2.0.0.rc.8)
      activemodel (~> 3.0)
      mongo (~> 1.2)
      tzinfo (~> 0.3.22)
      will_paginate (~> 3.0.pre)
    rake (0.8.7)
    rspec (2.5.0)
      rspec-core (~> 2.5.0)
      rspec-expectations (~> 2.5.0)
      rspec-mocks (~> 2.5.0)
    rspec-core (2.5.1)
    rspec-expectations (2.5.0)
      diff-lcs (~> 1.1.2)
    rspec-mocks (2.5.0)
    ruby-debug (0.10.4)
      columnize (>= 0.1)
      ruby-debug-base (~> 0.10.4.0)
    ruby-debug-base (0.10.4)
      linecache (>= 0.3)
    ruby-debug-base19 (0.11.24)
      columnize (>= 0.3.1)
      linecache19 (>= 0.5.11)
      ruby_core_source (>= 0.1.4)
    ruby-debug19 (0.11.6)
      columnize (>= 0.3.1)
      linecache19 (>= 0.5.11)
      ruby-debug-base19 (>= 0.11.19)
    ruby_core_source (0.1.4)
      archive-tar-minitar (>= 0.5.2)
    simplecov (0.4.1)
      simplecov-html (~> 0.4.3)
    simplecov-html (0.4.3)
    tzinfo (0.3.25)
    will_paginate (3.0.pre2)

PLATFORMS
  ruby

DEPENDENCIES
  bson
  bson_ext
  database_cleaner (>= 0.5.0)
  json (>= 1.4.6)
  mongoid (~> 2.0.0.rc)
  mongoid_query_string_interface!
  rake (= 0.8.7)
  rspec (>= 2.3.0)
  ruby-debug
  ruby-debug19
  simplecov
